GEM
  remote: http://rubygems.org/
  specs:
    builder (2.1.2)
    commander (4.1.2)
      highline (~> 1.6.11)
    highline (1.6.13)
    nokogiri (1.5.6)

PLATFORMS
  ruby

DEPENDENCIES
  builder (~> 2.0)
  commander (~> 4.1.2)
  nokogiri (~> 1.5.0)
