GEM
  remote: https://www.rubygems.org/
  specs:
    builder (3.1.4)
    commander (4.2.0)
      highline (~> 1.6.11)
    highline (1.6.21)
    mini_portile (0.5.2)
    nokogiri (1.6.1)
      mini_portile (~> 0.5.0)

PLATFORMS
  ruby

DEPENDENCIES
  builder (~> 3.1.0)
  commander (~> 4.2.0)
  nokogiri (~> 1.6.0)
