GEM
  remote: https://www.rubygems.org/
  specs:
    builder (3.1.4)
    commander (4.2.0)
      highline (~> 1.6.11)
    highline (1.6.21)
    libxml-ruby (2.9.0)
    mini_portile2 (2.4.0)
    nokogiri (1.10.4)
      mini_portile2 (~> 2.4.0)

PLATFORMS
  ruby

DEPENDENCIES
  builder (~> 3.1)
  commander (~> 4.2)
  libxml-ruby (~> 2.7)
  nokogiri (~> 1.10)
